REDIRECTS: ON
NUGET
  remote: https://www.nuget.org/api/v2
    FSharp.Compiler.Service (2.0.0.6)
    FSharp.Core (4.0.0.1)
    FSharp.Formatting (2.14.4)
      FSharp.Compiler.Service (2.0.0.6)
      FSharpVSPowerTools.Core (>= 2.3 < 2.4)
    FSharpVSPowerTools.Core (2.3)
      FSharp.Compiler.Service (>= 2.0.0.3)
GITHUB
  remote: hakimel/reveal.js
    FULLPROJECT (724c4fee274914dd2d997b7584cf603c44e96c72)
GROUP Build
NUGET
  remote: https://www.nuget.org/api/v2
    FAKE (4.28)
    Microsoft.Bcl (1.1.10) - restriction: || (== net10) (== net11) (== net20) (== net30) (== net35) (== net40)
      Microsoft.Bcl.Build (>= 1.0.14)
    Microsoft.Bcl.Build (1.0.21) - import_targets: false, restriction: || (== net10) (== net11) (== net20) (== net30) (== net35) (== net40)
    Microsoft.Net.Http (2.2.29) - restriction: || (== net10) (== net11) (== net20) (== net30) (== net35) (== net40)
      Microsoft.Bcl (>= 1.1.10)
      Microsoft.Bcl.Build (>= 1.0.14)
    Octokit (0.20)
      Microsoft.Net.Http  - restriction: || (== net10) (== net11) (== net20) (== net30) (== net35) (== net40)
    SourceLink.Fake (1.1)
GITHUB
  remote: fsharp/FAKE
    modules/Octokit/Octokit.fsx (5a9789b05e5713b55ea996baf8feb3561b6b926d)
      Octokit
GROUP Test
NUGET
  remote: https://www.nuget.org/api/v2
    NUnit (2.6.4)
    NUnit.Runners (2.6.4)
GITHUB
  remote: forki/FsUnit
    FsUnit.fs (f536bd5ed0eba8b38d2b01ae79d64e4e14fbd0a6)