REDIRECTS: ON
NUGET
  remote: https://www.nuget.org/api/v2
    FSharp.Compiler.Service (2.0.0.6)
    FSharp.Core (4.7.2)
    FSharp.Formatting (2.14.4)
      FSharp.Compiler.Service (2.0.0.6)
      FSharpVSPowerTools.Core (>= 2.3 < 2.4)
    FSharpVSPowerTools.Core (2.3)
      FSharp.Compiler.Service (>= 2.0.0.3)
    jQuery (1.8.3)
GITHUB
  remote: hakimel/reveal.js
    FULLPROJECT (724c4fee274914dd2d997b7584cf603c44e96c72)
  remote: zjffun/reveal.js-mermaid-plugin
    FULLPROJECT (3da2a9350f8d83cbda448e0071b069ede5e560b7)
GROUP Build
NUGET
  remote: https://www.nuget.org/api/v2
    FAKE (4.64.18)
    FSharp.Compiler.Tools (10.2.3)
    Microsoft.Bcl (1.1.10) - restriction: && (< net45) (< portable-win81+wpa81) (< win8)
      Microsoft.Bcl.Build (>= 1.0.14)
    Microsoft.Bcl.Build (1.0.21) - import_targets: false, restriction: && (< net45) (< portable-win81+wpa81) (< win8)
    Microsoft.Net.Http (2.2.29) - restriction: && (< net45) (< portable-win81+wpa81) (< win8)
      Microsoft.Bcl (>= 1.1.10)
      Microsoft.Bcl.Build (>= 1.0.14)
    Octokit (0.20)
      Microsoft.Net.Http  - restriction: && (< net45) (< portable-win81+wpa81) (< win8)
    SourceLink.Fake (1.1)
GITHUB
  remote: fsharp/FAKE
    modules/Octokit/Octokit.fsx (c69914d99ae4e60820c156c0f82be6a3f45952a2)
      Octokit (>= 0.20)
GROUP Test
NUGET
  remote: https://www.nuget.org/api/v2
    NUnit (2.6.4)
    NUnit.Runners (2.6.4)
GITHUB
  remote: forki/FsUnit
    FsUnit.fs (f536bd5ed0eba8b38d2b01ae79d64e4e14fbd0a6)